GEM
  remote: http://rubygems.org/
  specs:
    addressable (2.2.7)
    coffee-script (2.2.0)
      coffee-script-source
      execjs
    coffee-script-source (1.2.0)
    directory_watcher (1.4.1)
    execjs (1.3.0)
      multi_json (~> 1.0)
    heroku (2.21.2)
      launchy (>= 0.3.2)
      rest-client (~> 1.6.1)
      rubyzip
      term-ansicolor (~> 1.0.5)
    launchy (2.0.5)
      addressable (~> 2.2.6)
    mime-types (1.17.2)
    multi_json (1.1.0)
    redcarpet (2.1.0)
    redis (2.2.2)
    rest-client (1.6.7)
      mime-types (>= 1.16)
    rubyzip (0.9.6.1)
    sass (3.1.15)
    slim (1.1.1)
      temple (~> 0.4.0)
      tilt (~> 1.3.2)
    slop (2.1.0)
    stasis (0.1.20)
      directory_watcher (~> 1.4.1)
      redis (~> 2.2.2)
      slop (~> 2.1.0)
      tilt (~> 1.3.3)
      yajl-ruby (~> 1.0.0)
    temple (0.4.0)
    term-ansicolor (1.0.7)
    tilt (1.3.3)
    yajl-ruby (1.0.0)

PLATFORMS
  ruby

DEPENDENCIES
  coffee-script
  heroku
  redcarpet
  sass
  slim
  stasis
